PATH
  remote: .
  specs:
    thrones_faker (0.0.1)

GEM
  remote: https://rubygems.org/
  specs:
    rake (10.1.1)

PLATFORMS
  ruby

DEPENDENCIES
  bundler (~> 1.5)
  rake
  thrones_faker!
